GIT
  remote: https://github.com/fuyu77/acts_as_follower.git
  revision: ceeb63c707eb804c9ff36829c7ed5b2823975bc6
  specs:
    acts_as_follower (0.2.1)
      activerecord (>= 4.0)

GEM
  remote: https://rubygems.org/
  specs:
    actioncable (7.1.3)
      actionpack (= 7.1.3)
      activesupport (= 7.1.3)
      nio4r (~> 2.0)
      websocket-driver (>= 0.6.1)
      zeitwerk (~> 2.6)
    actionmailbox (7.1.3)
      actionpack (= 7.1.3)
      activejob (= 7.1.3)
      activerecord (= 7.1.3)
      activestorage (= 7.1.3)
      activesupport (= 7.1.3)
      mail (>= 2.7.1)
      net-imap
      net-pop
      net-smtp
    actionmailer (7.1.3)
      actionpack (= 7.1.3)
      actionview (= 7.1.3)
      activejob (= 7.1.3)
      activesupport (= 7.1.3)
      mail (~> 2.5, >= 2.5.4)
      net-imap
      net-pop
      net-smtp
      rails-dom-testing (~> 2.2)
    actionpack (7.1.3)
      actionview (= 7.1.3)
      activesupport (= 7.1.3)
      nokogiri (>= 1.8.5)
      racc
      rack (>= 2.2.4)
      rack-session (>= 1.0.1)
      rack-test (>= 0.6.3)
      rails-dom-testing (~> 2.2)
      rails-html-sanitizer (~> 1.6)
    actiontext (7.1.3)
      actionpack (= 7.1.3)
      activerecord (= 7.1.3)
      activestorage (= 7.1.3)
      activesupport (= 7.1.3)
      globalid (>= 0.6.0)
      nokogiri (>= 1.8.5)
    actionview (7.1.3)
      activesupport (= 7.1.3)
      builder (~> 3.1)
      erubi (~> 1.11)
      rails-dom-testing (~> 2.2)
      rails-html-sanitizer (~> 1.6)
    activejob (7.1.3)
      activesupport (= 7.1.3)
      globalid (>= 0.3.6)
    activemodel (7.1.3)
      activesupport (= 7.1.3)
    activerecord (7.1.3)
      activemodel (= 7.1.3)
      activesupport (= 7.1.3)
      timeout (>= 0.4.0)
    activestorage (7.1.3)
      actionpack (= 7.1.3)
      activejob (= 7.1.3)
      activerecord (= 7.1.3)
      activesupport (= 7.1.3)
      marcel (~> 1.0)
    activesupport (7.1.3)
      base64
      bigdecimal
      concurrent-ruby (~> 1.0, >= 1.0.2)
      connection_pool (>= 2.2.5)
      drb
      i18n (>= 1.6, < 2)
      minitest (>= 5.1)
      mutex_m
      tzinfo (~> 2.0)
    addressable (2.8.6)
      public_suffix (>= 2.0.2, < 6.0)
    ast (2.4.2)
    aws-eventstream (1.3.0)
    aws-partitions (1.876.0)
    aws-sdk-core (3.190.1)
      aws-eventstream (~> 1, >= 1.3.0)
      aws-partitions (~> 1, >= 1.651.0)
      aws-sigv4 (~> 1.8)
      jmespath (~> 1, >= 1.6.1)
    aws-sdk-kms (1.75.0)
      aws-sdk-core (~> 3, >= 3.188.0)
      aws-sigv4 (~> 1.1)
    aws-sdk-s3 (1.142.0)
      aws-sdk-core (~> 3, >= 3.189.0)
      aws-sdk-kms (~> 1)
      aws-sigv4 (~> 1.8)
    aws-sigv4 (1.8.0)
      aws-eventstream (~> 1, >= 1.0.2)
    base64 (0.2.0)
    bcrypt (3.1.20)
    bigdecimal (3.1.5)
    bootsnap (1.17.1)
      msgpack (~> 1.2)
    builder (3.2.4)
    bullet (7.1.5)
      activesupport (>= 3.0.0)
      uniform_notifier (~> 1.11)
    climate_control (0.2.0)
    concurrent-ruby (1.2.3)
    connection_pool (2.4.1)
    crass (1.0.6)
    date (3.3.4)
    devise (4.9.3)
      bcrypt (~> 3.0)
      orm_adapter (~> 0.1)
      railties (>= 4.1.0)
      responders
      warden (~> 1.2.3)
    drb (2.2.0)
      ruby2_keywords
    erubi (1.12.0)
    ffi (1.16.3)
    foreman (0.87.2)
    globalid (1.2.1)
      activesupport (>= 6.1)
    hashie (5.0.0)
    i18n (1.14.1)
      concurrent-ruby (~> 1.0)
    io-console (0.7.1)
    irb (1.11.1)
      rdoc
      reline (>= 0.4.2)
    jmespath (1.6.2)
    jsbundling-rails (1.2.2)
      railties (>= 6.0.0)
    json (2.7.1)
    kaminari (1.2.2)
      activesupport (>= 4.1.0)
      kaminari-actionview (= 1.2.2)
      kaminari-activerecord (= 1.2.2)
      kaminari-core (= 1.2.2)
    kaminari-actionview (1.2.2)
      actionview
      kaminari-core (= 1.2.2)
    kaminari-activerecord (1.2.2)
      activerecord
      kaminari-core (= 1.2.2)
    kaminari-core (1.2.2)
    kt-paperclip (7.2.1)
      activemodel (>= 4.2.0)
      activesupport (>= 4.2.0)
      marcel (~> 1.0.1)
      mime-types
      terrapin (~> 0.6.0)
    language_server-protocol (3.17.0.3)
    launchy (2.5.2)
      addressable (~> 2.8)
    letter_opener (1.8.1)
      launchy (>= 2.2, < 3)
    letter_opener_web (2.0.0)
      actionmailer (>= 5.2)
      letter_opener (~> 1.7)
      railties (>= 5.2)
      rexml
    listen (3.8.0)
      rb-fsevent (~> 0.10, >= 0.10.3)
      rb-inotify (~> 0.9, >= 0.9.10)
    loofah (2.22.0)
      crass (~> 1.0.2)
      nokogiri (>= 1.12.0)
    mail (2.8.1)
      mini_mime (>= 0.1.1)
      net-imap
      net-pop
      net-smtp
    marcel (1.0.2)
    mime-types (3.5.1)
      mime-types-data (~> 3.2015)
    mime-types-data (3.2023.1205)
    mini_mime (1.1.5)
    minitest (5.21.1)
    msgpack (1.7.2)
    mutex_m (0.2.0)
    net-imap (0.4.9.1)
      date
      net-protocol
    net-pop (0.1.2)
      net-protocol
    net-protocol (0.2.2)
      timeout
    net-smtp (0.4.0.1)
      net-protocol
    nio4r (2.7.0)
    nokogiri (1.16.0-aarch64-linux)
      racc (~> 1.4)
    nokogiri (1.16.0-arm-linux)
      racc (~> 1.4)
    nokogiri (1.16.0-arm64-darwin)
      racc (~> 1.4)
    nokogiri (1.16.0-x86-linux)
      racc (~> 1.4)
    nokogiri (1.16.0-x86_64-darwin)
      racc (~> 1.4)
    nokogiri (1.16.0-x86_64-linux)
      racc (~> 1.4)
    oauth (1.1.0)
      oauth-tty (~> 1.0, >= 1.0.1)
      snaky_hash (~> 2.0)
      version_gem (~> 1.1)
    oauth-tty (1.0.5)
      version_gem (~> 1.1, >= 1.1.1)
    omniauth (2.1.2)
      hashie (>= 3.4.6)
      rack (>= 2.2.3)
      rack-protection
    omniauth-oauth (1.2.0)
      oauth
      omniauth (>= 1.0, < 3)
    omniauth-rails_csrf_protection (1.0.1)
      actionpack (>= 4.2)
      omniauth (~> 2.0)
    omniauth-twitter (1.4.0)
      omniauth-oauth (~> 1.1)
      rack
    orm_adapter (0.5.0)
    parallel (1.24.0)
    parser (3.3.0.2)
      ast (~> 2.4.1)
      racc
    pg (1.5.4)
    propshaft (0.8.0)
      actionpack (>= 7.0.0)
      activesupport (>= 7.0.0)
      rack
      railties (>= 7.0.0)
    psych (5.1.2)
      stringio
    public_suffix (5.0.4)
    puma (6.4.2)
      nio4r (~> 2.0)
    racc (1.7.3)
    rack (3.0.8)
    rack-protection (3.0.6)
      rack
    rack-session (2.0.0)
      rack (>= 3.0.0)
    rack-test (2.1.0)
      rack (>= 1.3)
    rackup (2.1.0)
      rack (>= 3)
      webrick (~> 1.8)
    rails (7.1.3)
      actioncable (= 7.1.3)
      actionmailbox (= 7.1.3)
      actionmailer (= 7.1.3)
      actionpack (= 7.1.3)
      actiontext (= 7.1.3)
      actionview (= 7.1.3)
      activejob (= 7.1.3)
      activemodel (= 7.1.3)
      activerecord (= 7.1.3)
      activestorage (= 7.1.3)
      activesupport (= 7.1.3)
      bundler (>= 1.15.0)
      railties (= 7.1.3)
    rails-dom-testing (2.2.0)
      activesupport (>= 5.0.0)
      minitest
      nokogiri (>= 1.6)
    rails-html-sanitizer (1.6.0)
      loofah (~> 2.21)
      nokogiri (~> 1.14)
    railties (7.1.3)
      actionpack (= 7.1.3)
      activesupport (= 7.1.3)
      irb
      rackup (>= 1.0.0)
      rake (>= 12.2)
      thor (~> 1.0, >= 1.2.2)
      zeitwerk (~> 2.6)
    rainbow (3.1.1)
    rake (13.1.0)
    rb-fsevent (0.11.2)
    rb-inotify (0.10.1)
      ffi (~> 1.0)
    rdoc (6.6.2)
      psych (>= 4.0.0)
    recaptcha (5.16.0)
    regexp_parser (2.9.0)
    reline (0.4.2)
      io-console (~> 0.5)
    responders (3.1.1)
      actionpack (>= 5.2)
      railties (>= 5.2)
    rexml (3.2.6)
    rinku (2.0.6)
    rubocop (1.59.0)
      json (~> 2.3)
      language_server-protocol (>= 3.17.0)
      parallel (~> 1.10)
      parser (>= 3.2.2.4)
      rainbow (>= 2.2.2, < 4.0)
      regexp_parser (>= 1.8, < 3.0)
      rexml (>= 3.2.5, < 4.0)
      rubocop-ast (>= 1.30.0, < 2.0)
      ruby-progressbar (~> 1.7)
      unicode-display_width (>= 2.4.0, < 3.0)
    rubocop-ast (1.30.0)
      parser (>= 3.2.1.0)
    rubocop-performance (1.20.2)
      rubocop (>= 1.48.1, < 2.0)
      rubocop-ast (>= 1.30.0, < 2.0)
    rubocop-rails (2.23.1)
      activesupport (>= 4.2.0)
      rack (>= 1.1)
      rubocop (>= 1.33.0, < 2.0)
      rubocop-ast (>= 1.30.0, < 2.0)
    rubocop-thread_safety (0.5.1)
      rubocop (>= 0.90.0)
    ruby-progressbar (1.13.0)
    ruby2_keywords (0.0.5)
    snaky_hash (2.0.1)
      hashie
      version_gem (~> 1.1, >= 1.1.1)
    stringio (3.1.0)
    terrapin (0.6.0)
      climate_control (>= 0.0.3, < 1.0)
    thor (1.3.0)
    timeout (0.4.1)
    turbo-rails (1.5.0)
      actionpack (>= 6.0.0)
      activejob (>= 6.0.0)
      railties (>= 6.0.0)
    tzinfo (2.0.6)
      concurrent-ruby (~> 1.0)
    unicode-display_width (2.5.0)
    uniform_notifier (1.16.0)
    version_gem (1.1.3)
    warden (1.2.9)
      rack (>= 2.0.9)
    webrick (1.8.1)
    websocket-driver (0.7.6)
      websocket-extensions (>= 0.1.0)
    websocket-extensions (0.1.5)
    zeitwerk (2.6.12)

PLATFORMS
  aarch64-linux
  arm-linux
  arm64-darwin
  x86-linux
  x86_64-darwin
  x86_64-linux

DEPENDENCIES
  acts_as_follower!
  aws-sdk-s3
  bootsnap
  bullet
  devise
  foreman
  jsbundling-rails
  kaminari
  kt-paperclip
  letter_opener_web
  listen
  omniauth
  omniauth-rails_csrf_protection
  omniauth-twitter
  pg
  propshaft
  puma
  rails
  recaptcha
  rinku
  rubocop-performance
  rubocop-rails
  rubocop-thread_safety
  turbo-rails

RUBY VERSION
   ruby 3.3.0p0

BUNDLED WITH
   2.5.3
