GIT
  remote: https://github.com/fuyu77/acts_as_follower.git
  revision: ceeb63c707eb804c9ff36829c7ed5b2823975bc6
  specs:
    acts_as_follower (0.2.1)
      activerecord (>= 4.0)

GEM
  remote: https://rubygems.org/
  specs:
    actioncable (8.0.2.1)
      actionpack (= 8.0.2.1)
      activesupport (= 8.0.2.1)
      nio4r (~> 2.0)
      websocket-driver (>= 0.6.1)
      zeitwerk (~> 2.6)
    actionmailbox (8.0.2.1)
      actionpack (= 8.0.2.1)
      activejob (= 8.0.2.1)
      activerecord (= 8.0.2.1)
      activestorage (= 8.0.2.1)
      activesupport (= 8.0.2.1)
      mail (>= 2.8.0)
    actionmailer (8.0.2.1)
      actionpack (= 8.0.2.1)
      actionview (= 8.0.2.1)
      activejob (= 8.0.2.1)
      activesupport (= 8.0.2.1)
      mail (>= 2.8.0)
      rails-dom-testing (~> 2.2)
    actionpack (8.0.2.1)
      actionview (= 8.0.2.1)
      activesupport (= 8.0.2.1)
      nokogiri (>= 1.8.5)
      rack (>= 2.2.4)
      rack-session (>= 1.0.1)
      rack-test (>= 0.6.3)
      rails-dom-testing (~> 2.2)
      rails-html-sanitizer (~> 1.6)
      useragent (~> 0.16)
    actiontext (8.0.2.1)
      actionpack (= 8.0.2.1)
      activerecord (= 8.0.2.1)
      activestorage (= 8.0.2.1)
      activesupport (= 8.0.2.1)
      globalid (>= 0.6.0)
      nokogiri (>= 1.8.5)
    actionview (8.0.2.1)
      activesupport (= 8.0.2.1)
      builder (~> 3.1)
      erubi (~> 1.11)
      rails-dom-testing (~> 2.2)
      rails-html-sanitizer (~> 1.6)
    activejob (8.0.2.1)
      activesupport (= 8.0.2.1)
      globalid (>= 0.3.6)
    activemodel (8.0.2.1)
      activesupport (= 8.0.2.1)
    activerecord (8.0.2.1)
      activemodel (= 8.0.2.1)
      activesupport (= 8.0.2.1)
      timeout (>= 0.4.0)
    activestorage (8.0.2.1)
      actionpack (= 8.0.2.1)
      activejob (= 8.0.2.1)
      activerecord (= 8.0.2.1)
      activesupport (= 8.0.2.1)
      marcel (~> 1.0)
    activesupport (8.0.2.1)
      base64
      benchmark (>= 0.3)
      bigdecimal
      concurrent-ruby (~> 1.0, >= 1.3.1)
      connection_pool (>= 2.2.5)
      drb
      i18n (>= 1.6, < 2)
      logger (>= 1.4.2)
      minitest (>= 5.1)
      securerandom (>= 0.3)
      tzinfo (~> 2.0, >= 2.0.5)
      uri (>= 0.13.1)
    addressable (2.8.7)
      public_suffix (>= 2.0.2, < 7.0)
    ast (2.4.3)
    aws-eventstream (1.4.0)
    aws-partitions (1.1151.0)
    aws-sdk-core (3.231.0)
      aws-eventstream (~> 1, >= 1.3.0)
      aws-partitions (~> 1, >= 1.992.0)
      aws-sigv4 (~> 1.9)
      base64
      bigdecimal
      jmespath (~> 1, >= 1.6.1)
      logger
    aws-sdk-kms (1.111.0)
      aws-sdk-core (~> 3, >= 3.231.0)
      aws-sigv4 (~> 1.5)
    aws-sdk-s3 (1.198.0)
      aws-sdk-core (~> 3, >= 3.231.0)
      aws-sdk-kms (~> 1)
      aws-sigv4 (~> 1.5)
    aws-sigv4 (1.12.1)
      aws-eventstream (~> 1, >= 1.0.2)
    base64 (0.3.0)
    bcrypt (3.1.20)
    benchmark (0.4.1)
    bigdecimal (3.2.3)
    bootsnap (1.18.6)
      msgpack (~> 1.2)
    builder (3.3.0)
    bullet (8.0.8)
      activesupport (>= 3.0.0)
      uniform_notifier (~> 1.11)
    childprocess (5.1.0)
      logger (~> 1.5)
    climate_control (1.2.0)
    concurrent-ruby (1.3.5)
    connection_pool (2.5.4)
    crass (1.0.6)
    csv (3.3.5)
    date (3.4.1)
    devise (4.9.4)
      bcrypt (~> 3.0)
      orm_adapter (~> 0.1)
      railties (>= 4.1.0)
      responders
      warden (~> 1.2.3)
    drb (2.2.3)
    erb (5.0.2)
    erubi (1.13.1)
    ffi (1.17.2-aarch64-linux-gnu)
    ffi (1.17.2-aarch64-linux-musl)
    ffi (1.17.2-arm-linux-gnu)
    ffi (1.17.2-arm-linux-musl)
    ffi (1.17.2-arm64-darwin)
    ffi (1.17.2-x86_64-darwin)
    ffi (1.17.2-x86_64-linux-gnu)
    ffi (1.17.2-x86_64-linux-musl)
    foreman (0.90.0)
      thor (~> 1.4)
    globalid (1.2.1)
      activesupport (>= 6.1)
    hashie (5.0.0)
    i18n (1.14.7)
      concurrent-ruby (~> 1.0)
    io-console (0.8.1)
    irb (1.15.2)
      pp (>= 0.6.0)
      rdoc (>= 4.0.0)
      reline (>= 0.4.2)
    jmespath (1.6.2)
    jsbundling-rails (1.3.1)
      railties (>= 6.0.0)
    json (2.13.2)
    kaminari (1.2.2)
      activesupport (>= 4.1.0)
      kaminari-actionview (= 1.2.2)
      kaminari-activerecord (= 1.2.2)
      kaminari-core (= 1.2.2)
    kaminari-actionview (1.2.2)
      actionview
      kaminari-core (= 1.2.2)
    kaminari-activerecord (1.2.2)
      activerecord
      kaminari-core (= 1.2.2)
    kaminari-core (1.2.2)
    kt-paperclip (7.2.2)
      activemodel (>= 4.2.0)
      activesupport (>= 4.2.0)
      marcel (~> 1.0.1)
      mime-types
      terrapin (>= 0.6.0, < 2.0)
    language_server-protocol (3.17.0.5)
    launchy (3.1.1)
      addressable (~> 2.8)
      childprocess (~> 5.0)
      logger (~> 1.6)
    letter_opener (1.10.0)
      launchy (>= 2.2, < 4)
    letter_opener_web (3.0.0)
      actionmailer (>= 6.1)
      letter_opener (~> 1.9)
      railties (>= 6.1)
      rexml
    lint_roller (1.1.0)
    listen (3.9.0)
      rb-fsevent (~> 0.10, >= 0.10.3)
      rb-inotify (~> 0.9, >= 0.9.10)
    logger (1.7.0)
    loofah (2.24.1)
      crass (~> 1.0.2)
      nokogiri (>= 1.12.0)
    mail (2.8.1)
      mini_mime (>= 0.1.1)
      net-imap
      net-pop
      net-smtp
    marcel (1.0.4)
    mime-types (3.7.0)
      logger
      mime-types-data (~> 3.2025, >= 3.2025.0507)
    mime-types-data (3.2025.0514)
    mini_mime (1.1.5)
    minitest (5.25.5)
    msgpack (1.8.0)
    net-imap (0.5.8)
      date
      net-protocol
    net-pop (0.1.2)
      net-protocol
    net-protocol (0.2.2)
      timeout
    net-smtp (0.5.1)
      net-protocol
    nio4r (2.7.4)
    nokogiri (1.18.9-aarch64-linux-gnu)
      racc (~> 1.4)
    nokogiri (1.18.9-aarch64-linux-musl)
      racc (~> 1.4)
    nokogiri (1.18.9-arm-linux-gnu)
      racc (~> 1.4)
    nokogiri (1.18.9-arm-linux-musl)
      racc (~> 1.4)
    nokogiri (1.18.9-arm64-darwin)
      racc (~> 1.4)
    nokogiri (1.18.9-x86_64-darwin)
      racc (~> 1.4)
    nokogiri (1.18.9-x86_64-linux-gnu)
      racc (~> 1.4)
    nokogiri (1.18.9-x86_64-linux-musl)
      racc (~> 1.4)
    oauth (1.1.0)
      oauth-tty (~> 1.0, >= 1.0.1)
      snaky_hash (~> 2.0)
      version_gem (~> 1.1)
    oauth-tty (1.0.5)
      version_gem (~> 1.1, >= 1.1.1)
    omniauth (2.1.3)
      hashie (>= 3.4.6)
      rack (>= 2.2.3)
      rack-protection
    omniauth-oauth (1.2.1)
      oauth
      omniauth (>= 1.0, < 3)
      rack (>= 1.6.2, < 4)
    omniauth-rails_csrf_protection (1.0.2)
      actionpack (>= 4.2)
      omniauth (~> 2.0)
    omniauth-twitter (1.4.0)
      omniauth-oauth (~> 1.1)
      rack
    orm_adapter (0.5.0)
    parallel (1.27.0)
    parser (3.3.9.0)
      ast (~> 2.4.1)
      racc
    pg (1.6.2)
    pg (1.6.2-aarch64-linux)
    pg (1.6.2-aarch64-linux-musl)
    pg (1.6.2-arm64-darwin)
    pg (1.6.2-x86_64-darwin)
    pg (1.6.2-x86_64-linux)
    pg (1.6.2-x86_64-linux-musl)
    pp (0.6.2)
      prettyprint
    prettyprint (0.2.0)
    prism (1.4.0)
    propshaft (1.2.1)
      actionpack (>= 7.0.0)
      activesupport (>= 7.0.0)
      rack
    psych (5.2.6)
      date
      stringio
    public_suffix (6.0.2)
    puma (7.0.1)
      nio4r (~> 2.0)
    racc (1.8.1)
    rack (3.2.1)
    rack-protection (4.1.1)
      base64 (>= 0.1.0)
      logger (>= 1.6.0)
      rack (>= 3.0.0, < 4)
    rack-session (2.1.1)
      base64 (>= 0.1.0)
      rack (>= 3.0.0)
    rack-test (2.2.0)
      rack (>= 1.3)
    rackup (2.2.1)
      rack (>= 3)
    rails (8.0.2.1)
      actioncable (= 8.0.2.1)
      actionmailbox (= 8.0.2.1)
      actionmailer (= 8.0.2.1)
      actionpack (= 8.0.2.1)
      actiontext (= 8.0.2.1)
      actionview (= 8.0.2.1)
      activejob (= 8.0.2.1)
      activemodel (= 8.0.2.1)
      activerecord (= 8.0.2.1)
      activestorage (= 8.0.2.1)
      activesupport (= 8.0.2.1)
      bundler (>= 1.15.0)
      railties (= 8.0.2.1)
    rails-dom-testing (2.3.0)
      activesupport (>= 5.0.0)
      minitest
      nokogiri (>= 1.6)
    rails-html-sanitizer (1.6.2)
      loofah (~> 2.21)
      nokogiri (>= 1.15.7, != 1.16.7, != 1.16.6, != 1.16.5, != 1.16.4, != 1.16.3, != 1.16.2, != 1.16.1, != 1.16.0.rc1, != 1.16.0)
    railties (8.0.2.1)
      actionpack (= 8.0.2.1)
      activesupport (= 8.0.2.1)
      irb (~> 1.13)
      rackup (>= 1.0.0)
      rake (>= 12.2)
      thor (~> 1.0, >= 1.2.2)
      zeitwerk (~> 2.6)
    rainbow (3.1.1)
    rake (13.3.0)
    rb-fsevent (0.11.2)
    rb-inotify (0.11.1)
      ffi (~> 1.0)
    rdoc (6.14.2)
      erb
      psych (>= 4.0.0)
    recaptcha (5.20.1)
    regexp_parser (2.11.2)
    reline (0.6.2)
      io-console (~> 0.5)
    responders (3.1.1)
      actionpack (>= 5.2)
      railties (>= 5.2)
    rexml (3.4.1)
    rinku (2.0.6)
    rubocop (1.80.2)
      json (~> 2.3)
      language_server-protocol (~> 3.17.0.2)
      lint_roller (~> 1.1.0)
      parallel (~> 1.10)
      parser (>= 3.3.0.2)
      rainbow (>= 2.2.2, < 4.0)
      regexp_parser (>= 2.9.3, < 3.0)
      rubocop-ast (>= 1.46.0, < 2.0)
      ruby-progressbar (~> 1.7)
      unicode-display_width (>= 2.4.0, < 4.0)
    rubocop-ast (1.46.0)
      parser (>= 3.3.7.2)
      prism (~> 1.4)
    rubocop-performance (1.26.0)
      lint_roller (~> 1.1)
      rubocop (>= 1.75.0, < 2.0)
      rubocop-ast (>= 1.44.0, < 2.0)
    rubocop-rails (2.33.3)
      activesupport (>= 4.2.0)
      lint_roller (~> 1.1)
      rack (>= 1.1)
      rubocop (>= 1.75.0, < 2.0)
      rubocop-ast (>= 1.44.0, < 2.0)
    rubocop-thread_safety (0.7.3)
      lint_roller (~> 1.1)
      rubocop (~> 1.72, >= 1.72.1)
      rubocop-ast (>= 1.44.0, < 2.0)
    ruby-progressbar (1.13.0)
    securerandom (0.4.1)
    snaky_hash (2.0.1)
      hashie
      version_gem (~> 1.1, >= 1.1.1)
    stringio (3.1.7)
    terrapin (1.1.0)
      climate_control
    thor (1.4.0)
    timeout (0.4.3)
    turbo-rails (2.0.16)
      actionpack (>= 7.1.0)
      railties (>= 7.1.0)
    tzinfo (2.0.6)
      concurrent-ruby (~> 1.0)
    unicode-display_width (3.1.5)
      unicode-emoji (~> 4.0, >= 4.0.4)
    unicode-emoji (4.0.4)
    uniform_notifier (1.17.0)
    uri (1.0.3)
    useragent (0.16.11)
    version_gem (1.1.8)
    warden (1.2.9)
      rack (>= 2.0.9)
    websocket-driver (0.7.7)
      base64
      websocket-extensions (>= 0.1.0)
    websocket-extensions (0.1.5)
    zeitwerk (2.7.3)

PLATFORMS
  aarch64-linux-gnu
  aarch64-linux-musl
  arm-linux-gnu
  arm-linux-musl
  arm64-darwin
  x86_64-darwin
  x86_64-linux-gnu
  x86_64-linux-musl

DEPENDENCIES
  acts_as_follower!
  aws-sdk-s3
  bootsnap
  bullet
  csv
  devise
  foreman
  jsbundling-rails
  kaminari
  kt-paperclip
  letter_opener_web
  listen
  omniauth
  omniauth-rails_csrf_protection
  omniauth-twitter
  pg
  propshaft
  puma
  rails
  recaptcha
  rinku
  rubocop-performance
  rubocop-rails
  rubocop-thread_safety
  turbo-rails

RUBY VERSION
   ruby 3.4.4p34

BUNDLED WITH
   2.6.7
